GEM
  remote: https://rubygems.org/
  specs:
    activesupport (3.2.16)
      i18n (~> 0.6, >= 0.6.4)
      multi_json (~> 1.0)
    async-rack (0.5.1)
      rack (~> 1.1)
    coderay (1.1.0)
    cramp (0.15.2)
      activesupport (~> 3.2.16)
      eventmachine (~> 1.2.1)
      faye-websocket (~> 0.7.1)
      rack (~> 1.5.2)
      thor (~> 0.18.0)
    daemons (1.1.9)
    diff-lcs (1.2.5)
    dotenv (0.7.0)
    em-hiredis (0.2.1)
      hiredis (~> 0.4.0)
    eventmachine (1.2.1)
    faye-websocket (0.7.2)
      eventmachine (>= 0.12.0)
      websocket-driver (>= 0.3.1)
    foreman (0.63.0)
      dotenv (>= 0.7)
      thor (>= 0.13.6)
    hiredis (0.4.5)
    http_router (0.11.0)
      rack (>= 1.0.0)
      url_mount (~> 0.2.1)
    i18n (0.6.9)
    method_source (0.8.2)
    multi_json (1.8.4)
    pry (0.9.12.6)
      coderay (~> 1.0)
      method_source (~> 0.8)
      slop (~> 3.4)
    rack (1.5.2)
    rake (10.1.1)
    rspec (2.14.1)
      rspec-core (~> 2.14.0)
      rspec-expectations (~> 2.14.0)
      rspec-mocks (~> 2.14.0)
    rspec-core (2.14.7)
    rspec-expectations (2.14.4)
      diff-lcs (>= 1.1.3, < 2.0)
    rspec-mocks (2.14.4)
    settingslogic (2.0.9)
    slop (3.4.7)
    thin (1.6.1)
      daemons (>= 1.0.9)
      eventmachine (>= 1.0.0)
      rack (>= 1.0.0)
    thor (0.18.1)
    url_mount (0.2.1)
      rack
    websocket-driver (0.3.2)
    yajl-ruby (1.2.0)

PLATFORMS
  ruby

DEPENDENCIES
  async-rack
  cramp
  em-hiredis
  foreman
  http_router
  pry
  rake
  rspec
  settingslogic
  thin
  yajl-ruby
